GEM
  remote: http://rubygems.org/
  specs:
    builder (3.2.2)
    coderay (1.1.0)
    daemons (1.1.9)
    dotenv (0.9.0)
    eventmachine (1.0.3)
    hiredis (0.4.5)
    jwt (0.1.11)
      multi_json (>= 1.5)
    lob (1.2)
      rest-client
    method_source (0.8.2)
    mime-types (2.0)
    msgpack (0.5.8)
    multi_json (1.8.4)
    nido (0.0.1)
    ohm (2.0.0.rc1)
      msgpack
      nido
      redic
    pry (0.9.12.4)
      coderay (~> 1.0)
      method_source (~> 0.8)
      slop (~> 3.4)
    pry-doc (0.5.1)
      pry (>= 0.9)
      yard (>= 0.8)
    rack (1.5.2)
    rack-protection (1.5.2)
      rack
    redic (0.0.8)
      hiredis
    rest-client (1.6.7)
      mime-types (>= 1.16)
    sinatra (1.4.4)
      rack (~> 1.4)
      rack-protection (~> 1.4)
      tilt (~> 1.3, >= 1.3.4)
    slop (3.4.7)
    thin (1.6.1)
      daemons (>= 1.0.9)
      eventmachine (>= 1.0.0)
      rack (>= 1.0.0)
    tilt (1.4.1)
    twilio-ruby (3.11.4)
      builder (>= 2.1.2)
      jwt (>= 0.1.2)
      multi_json (>= 1.3.0)
    yard (0.8.7.3)

PLATFORMS
  ruby

DEPENDENCIES
  dotenv (~> 0.9.0)
  lob (~> 1.2)
  ohm (= 2.0.0.rc1)
  pry (~> 0.9.12.4)
  pry-doc (~> 0.5.1)
  redic (~> 0.0.8)
  sinatra (~> 1.4.4)
  thin (~> 1.6.1)
  twilio-ruby (~> 3.11.4)
