GEM
  remote: http://rubygems.org/
  specs:
    activesupport (3.2.16)
      i18n (~> 0.6, >= 0.6.4)
      multi_json (~> 1.0)
    builder (3.2.2)
    celluloid (0.15.2)
      timers (~> 1.1.0)
    coderay (1.1.0)
    dotenv (0.9.0)
    ffi (1.9.3)
    foreman (0.63.0)
      dotenv (>= 0.7)
      thor (>= 0.13.6)
    formatador (0.2.4)
    guard (2.3.0)
      formatador (>= 0.2.4)
      listen (~> 2.1)
      lumberjack (~> 1.0)
      pry (>= 0.9.12)
      thor (>= 0.18.1)
    guard-minitest (2.2.0)
      guard (~> 2.0)
      minitest (>= 3.0)
    hiredis (0.4.5)
    i18n (0.6.9)
    jwt (0.1.11)
      multi_json (>= 1.5)
    kgio (2.8.1)
    listen (2.4.0)
      celluloid (>= 0.15.2)
      rb-fsevent (>= 0.9.3)
      rb-inotify (>= 0.9)
    lob (1.2)
      rest-client
    lumberjack (1.0.4)
    mail (2.2.7)
      activesupport (>= 2.3.6)
      mime-types
      treetop (>= 1.4.5)
    metaclass (0.0.2)
    method_source (0.8.2)
    mime-types (2.0)
    minitest (5.2.2)
    mocha (1.0.0)
      metaclass (~> 0.0.1)
    mock_redis (0.11.0)
    multi_json (1.8.4)
    nest (1.1.2)
      redis
    ohm (1.3.2)
      nest (~> 1.0)
      redis
      scrivener (~> 0.0.3)
    polyglot (0.3.3)
    pony (1.6.2)
      mail (>= 2.0)
    pry (0.9.12.4)
      coderay (~> 1.0)
      method_source (~> 0.8)
      slop (~> 3.4)
    pry-doc (0.5.1)
      pry (>= 0.9)
      yard (>= 0.8)
    rack (1.5.2)
    rack-protection (1.5.2)
      rack
    rack-test (0.6.2)
      rack (>= 1.0)
    raindrops (0.12.0)
    rake (10.1.1)
    rb-fsevent (0.9.4)
    rb-inotify (0.9.3)
      ffi (>= 0.5.0)
    redic (0.0.8)
      hiredis
    redis (3.0.6)
    rest-client (1.6.7)
      mime-types (>= 1.16)
    scrivener (0.0.3)
    sinatra (1.4.4)
      rack (~> 1.4)
      rack-protection (~> 1.4)
      tilt (~> 1.3, >= 1.3.4)
    slop (3.4.7)
    thor (0.18.1)
    tilt (1.4.1)
    timers (1.1.0)
    treetop (1.4.15)
      polyglot
      polyglot (>= 0.3.1)
    twilio-ruby (3.11.4)
      builder (>= 2.1.2)
      jwt (>= 0.1.2)
      multi_json (>= 1.3.0)
    unicorn (4.8.0)
      kgio (~> 2.6)
      rack
      raindrops (~> 0.7)
    yard (0.8.7.3)

PLATFORMS
  ruby

DEPENDENCIES
  dotenv (~> 0.9.0)
  foreman (~> 0.63.0)
  guard (~> 2.3.0)
  guard-minitest (~> 2.2.0)
  lob (~> 1.2)
  mocha (~> 1.0.0)
  mock_redis (~> 0.11.0)
  ohm (~> 1.3.2)
  pony (~> 1.6.2)
  pry (~> 0.9.12.4)
  pry-doc (~> 0.5.1)
  rack-test (~> 0.6.2)
  rake (~> 10.1.1)
  redic (~> 0.0.8)
  sinatra (~> 1.4.4)
  twilio-ruby (~> 3.11.4)
  unicorn (~> 4.8.0)
