GEM
  remote: http://rubygems.org/
  specs:
    builder (3.2.2)
    coderay (1.1.0)
    dotenv (0.9.0)
    hiredis (0.4.5)
    jwt (0.1.11)
      multi_json (>= 1.5)
    kgio (2.8.1)
    lob (1.2)
      rest-client
    method_source (0.8.2)
    mime-types (2.0)
    multi_json (1.8.4)
    nest (1.1.2)
      redis
    ohm (1.3.2)
      nest (~> 1.0)
      redis
      scrivener (~> 0.0.3)
    pry (0.9.12.4)
      coderay (~> 1.0)
      method_source (~> 0.8)
      slop (~> 3.4)
    pry-doc (0.5.1)
      pry (>= 0.9)
      yard (>= 0.8)
    rack (1.5.2)
    rack-protection (1.5.2)
      rack
    raindrops (0.12.0)
    redic (0.0.8)
      hiredis
    redis (3.0.6)
    rest-client (1.6.7)
      mime-types (>= 1.16)
    scrivener (0.0.3)
    sinatra (1.4.4)
      rack (~> 1.4)
      rack-protection (~> 1.4)
      tilt (~> 1.3, >= 1.3.4)
    slop (3.4.7)
    tilt (1.4.1)
    twilio-ruby (3.11.4)
      builder (>= 2.1.2)
      jwt (>= 0.1.2)
      multi_json (>= 1.3.0)
    unicorn (4.8.0)
      kgio (~> 2.6)
      rack
      raindrops (~> 0.7)
    yard (0.8.7.3)

PLATFORMS
  ruby

DEPENDENCIES
  dotenv (~> 0.9.0)
  lob (~> 1.2)
  ohm (~> 1.3.2)
  pry (~> 0.9.12.4)
  pry-doc (~> 0.5.1)
  redic (~> 0.0.8)
  sinatra (~> 1.4.4)
  twilio-ruby (~> 3.11.4)
  unicorn (~> 4.8.0)
